GIT
  remote: git://github.com/nearapogee/active_merchant.git
  revision: 22e3b5d742a5bfe37c084b274e0e000cf57bdfe5
  ref: 22e3b5d742a5bf
  specs:
    activemerchant (1.20.4)
      active_utils (>= 1.0.2)
      activesupport (>= 2.3.11)
      braintree (>= 2.0.0)
      builder (>= 2.0.0)
      i18n
      json (>= 1.5.1)
      money (<= 3.7.1)

GEM
  remote: http://rubygems.org/
  specs:
    actionmailer (3.2.11)
      actionpack (= 3.2.11)
      mail (~> 2.4.4)
    actionpack (3.2.11)
      activemodel (= 3.2.11)
      activesupport (= 3.2.11)
      builder (~> 3.0.0)
      erubis (~> 2.7.0)
      journey (~> 1.0.4)
      rack (~> 1.4.0)
      rack-cache (~> 1.2)
      rack-test (~> 0.6.1)
      sprockets (~> 2.2.1)
    active_utils (1.0.5)
      activesupport (>= 2.3.11)
      i18n
    activemodel (3.2.11)
      activesupport (= 3.2.11)
      builder (~> 3.0.0)
    activerecord (3.2.11)
      activemodel (= 3.2.11)
      activesupport (= 3.2.11)
      arel (~> 3.0.2)
      tzinfo (~> 0.3.29)
    activeresource (3.2.11)
      activemodel (= 3.2.11)
      activesupport (= 3.2.11)
    activesupport (3.2.11)
      i18n (~> 0.6)
      multi_json (~> 1.0)
    akami (1.0.0)
      gyoku (>= 0.4.0)
    apn_on_rails (0.5.1)
      actionpack
      activerecord
      configatron
    arel (3.0.2)
    asset_sync (0.3.2)
      activemodel
      fog
    aws-sdk (1.3.2)
      httparty (~> 0.7)
      json (~> 1.4)
      nokogiri (>= 1.4.4)
      uuidtools (~> 2.1)
    bcrypt-ruby (3.0.1)
    braintree (2.21.0)
      builder (>= 2.0.0)
    builder (3.0.4)
    capistrano (2.13.4)
      highline
      net-scp (>= 1.0.0)
      net-sftp (>= 2.0.0)
      net-ssh (>= 2.0.14)
      net-ssh-gateway (>= 1.1.0)
    capistrano-conditional (0.0.3)
      capistrano
      git
    capistrano-resque (0.0.7)
      capistrano
    coffee-rails (3.2.2)
      coffee-script (>= 2.2.0)
      railties (~> 3.2.0)
    coffee-script (2.2.0)
      coffee-script-source
      execjs
    coffee-script-source (1.2.0)
    configatron (2.9.1)
      yamler (>= 0.1.0)
    declarative_authorization (0.5.5)
    dragonfly (0.9.10)
      rack
    erubis (2.7.0)
    exception_notification (2.5.2)
      actionmailer (>= 3.0.4)
    excon (0.6.6)
    execjs (1.3.0)
      multi_json (~> 1.0)
    fabrication (1.3.1)
    factory_girl (2.5.1)
      activesupport
    factory_girl_rails (1.6.0)
      factory_girl (~> 2.5.0)
      railties (>= 3.0.0)
    fancybox-rails (0.1.4)
      railties (>= 3.1.0)
    fog (0.9.0)
      builder
      excon (~> 0.6.1)
      formatador (>= 0.1.3)
      json
      mime-types
      net-scp (>= 1.0.4)
      net-ssh (>= 2.1.4)
      nokogiri (>= 1.4.4)
      ruby-hmac
    formatador (0.2.1)
    geokit (1.6.5)
      multi_json
    geokit-rails3 (0.1.5)
      geokit (~> 1.5)
      rails (~> 3.0)
    git (1.2.5)
    gyoku (0.4.4)
      builder (>= 2.1.2)
    highline (1.6.15)
    hike (1.2.1)
    httparty (0.8.1)
      multi_json
      multi_xml
    httpi (0.9.5)
      rack
    i18n (0.6.1)
    journey (1.0.4)
    jquery-rails (1.0.19)
      railties (~> 3.0)
      thor (~> 0.14)
    json (1.7.6)
    jwt (0.1.4)
      json (>= 1.2.4)
    kgio (2.7.4)
    le (2.0)
    mail (2.4.4)
      i18n (>= 0.4.0)
      mime-types (~> 1.16)
      treetop (~> 1.4.8)
    mime-types (1.19)
    minitest (2.11.1)
    money (3.7.1)
      i18n (~> 0.4)
    multi_json (1.0.4)
    multi_xml (0.4.1)
    net-scp (1.0.4)
      net-ssh (>= 1.99.1)
    net-sftp (2.0.5)
      net-ssh (>= 2.0.9)
    net-ssh (2.3.0)
    net-ssh-gateway (1.1.0)
      net-ssh (>= 1.99.1)
    nokogiri (1.4.7)
    nokogiri-happymapper (0.3.6)
      nokogiri (~> 1.4.2)
    nori (1.0.2)
    openmenu (0.2.0)
      nokogiri-happymapper (~> 0.3.6)
    pg (0.13.0)
    polyglot (0.3.3)
    rabl (0.6.13)
      activesupport (>= 2.3.14)
      multi_json (~> 1.0)
    rack (1.4.4)
    rack-cache (1.2)
      rack (>= 0.4)
    rack-protection (1.2.0)
      rack
    rack-ssl (1.3.2)
      rack
    rack-test (0.6.2)
      rack (>= 1.0)
    rack-timeout (0.0.3)
    rails (3.2.11)
      actionmailer (= 3.2.11)
      actionpack (= 3.2.11)
      activerecord (= 3.2.11)
      activeresource (= 3.2.11)
      activesupport (= 3.2.11)
      bundler (~> 1.0)
      railties (= 3.2.11)
    railties (3.2.11)
      actionpack (= 3.2.11)
      activesupport (= 3.2.11)
      rack-ssl (~> 1.3.2)
      rake (>= 0.8.7)
      rdoc (~> 3.4)
      thor (>= 0.14.6, < 2.0)
    raindrops (0.10.0)
    rake (10.0.3)
    rdoc (3.12)
      json (~> 1.4)
    redis (2.2.2)
    redis-namespace (1.0.3)
      redis (< 3.0.0)
    remotipart (1.0.1)
    resque (1.20.0)
      multi_json (~> 1.0)
      redis-namespace (~> 1.0.2)
      sinatra (>= 0.9.2)
      vegas (~> 0.1.2)
    resque_mailer (2.1.0)
      actionmailer (~> 3.0)
    ruby-hmac (0.4.0)
    ruby_parser (2.2.0)
      sexp_processor (~> 3.0)
    rvm-capistrano (1.2.7)
      capistrano (>= 2.0.0)
    sass (3.1.15)
    sass-rails (3.2.4)
      railties (~> 3.2.0)
      sass (>= 3.1.10)
      tilt (~> 1.3)
    savon (0.9.7)
      akami (~> 1.0)
      builder (>= 2.1.2)
      gyoku (>= 0.4.0)
      httpi (~> 0.9)
      nokogiri (>= 1.4.0)
      nori (~> 1.0)
      wasabi (~> 2.0)
    sexp_processor (3.0.7)
    simplecov (0.5.4)
      multi_json (~> 1.0.3)
      simplecov-html (~> 0.5.3)
    simplecov-html (0.5.3)
    sinatra (1.3.2)
      rack (~> 1.3, >= 1.3.6)
      rack-protection (~> 1.2)
      tilt (~> 1.3, >= 1.3.3)
    sprockets (2.2.2)
      hike (~> 1.2)
      multi_json (~> 1.0)
      rack (~> 1.0)
      tilt (~> 1.1, != 1.3.0)
    state_machine (1.1.2)
    thor (0.16.0)
    tilt (1.3.3)
    timecop (0.3.5)
    treetop (1.4.12)
      polyglot
      polyglot (>= 0.3.1)
    twilio-ruby (3.5.1)
      builder (>= 2.1.2)
      jwt (>= 0.1.2)
      multi_json (>= 1.0.3)
    tzinfo (0.3.35)
    uglifier (1.2.3)
      execjs (>= 0.3.0)
      multi_json (>= 1.0.2)
    unicorn (4.3.1)
      kgio (~> 2.6)
      rack
      raindrops (~> 0.7)
    uuidtools (2.1.2)
    vegas (0.1.11)
      rack (>= 1.0.0)
    wasabi (2.0.0)
      nokogiri (>= 1.4.0)
    yajl-ruby (1.1.0)
    yamler (0.1.0)

PLATFORMS
  ruby

DEPENDENCIES
  activemerchant!
  apn_on_rails
  asset_sync
  aws-sdk
  bcrypt-ruby (~> 3.0.1)
  capistrano
  capistrano-conditional
  capistrano-resque (= 0.0.7)
  coffee-rails (~> 3.2.1)
  declarative_authorization (= 0.5.5)
  dragonfly (= 0.9.10)
  exception_notification (= 2.5.2)
  fabrication (= 1.3.1)
  factory_girl_rails (= 1.6.0)
  fancybox-rails
  fog (= 0.9.0)
  geokit-rails3 (= 0.1.5)
  jquery-rails
  le (= 2.0)
  minitest (= 2.11.1)
  openmenu (= 0.2.0)
  pg (= 0.13.0)
  rabl (= 0.6.13)
  rack-cache
  rack-timeout
  rails (= 3.2.11)
  remotipart (= 1.0.1)
  resque
  resque_mailer
  ruby_parser
  rvm-capistrano
  sass-rails (~> 3.2.3)
  savon (= 0.9.7)
  simplecov (= 0.5.4)
  state_machine (= 1.1.2)
  timecop (= 0.3.5)
  twilio-ruby (= 3.5.1)
  uglifier (>= 1.0.3)
  unicorn
  yajl-ruby (= 1.1.0)
